PATH
  remote: .
  specs:
    cosmic_ruby_client (1.0.4)

GEM
  remote: https://rubygems.org/
  specs:

PLATFORMS
  ruby
  x64-mingw32

DEPENDENCIES
  cosmic_ruby_client!

BUNDLED WITH
   1.15.4
